GEM
  remote: https://rubygems.org/
  specs:
    barby (0.6.4)
    mini_portile2 (2.1.0)
    nokogiri (1.6.8)
      mini_portile2 (~> 2.1.0)
      pkg-config (~> 1.1.7)
    pdf-core (0.2.5)
    pkg-config (1.1.7)
    prawn (1.0.0)
      pdf-core (~> 0.2.2)
      ttfunk (~> 1.1.1)
    rake (11.2.2)
    ruby_danfe (1.11.5)
      barby
      nokogiri
      prawn (~> 1.0.0)
      rake
    ttfunk (1.1.1)

PLATFORMS
  ruby

DEPENDENCIES
  ruby_danfe

BUNDLED WITH
   1.12.5
